GEM
  remote: http://rubygems.org/
  specs:
    coderay (1.1.2)
    color_text (0.0.3)
    method_source (0.9.0)
    pry (0.11.3)
      coderay (~> 1.1.0)
      method_source (~> 0.9.0)

PLATFORMS
  ruby

DEPENDENCIES
  color_text
  pry

BUNDLED WITH
   1.16.2
